PATH
  remote: .
  specs:
    simple_monads (0.1.0)

GEM
  remote: https://rubygems.org/
  specs:

PLATFORMS
  ruby
  x86_64-linux

DEPENDENCIES
  simple_monads!

BUNDLED WITH
   2.5.16
